GEM
  remote: https://rubygems.org/
  specs:
    cinch (2.3.1)
    dotenv (2.1.0)
    gosu (0.10.5)
    hasu (0.1.5)
      gosu
    hitimes (1.2.3)
    timers (4.1.1)
      hitimes

PLATFORMS
  ruby

DEPENDENCIES
  cinch
  dotenv
  gosu
  hasu
  timers

BUNDLED WITH
   1.11.2
